GEM
  remote: https://rubygems.org/
  

RUBY VERSION
   ruby 3.2.2p53

BUNDLED WITH
   2.4.19
